GEM
  remote: http://rubygems.org/
  specs:
    cinch (2.3.4)

PLATFORMS
  ruby

DEPENDENCIES
  cinch
